GEM
  remote: https://rubygems.org/
  specs:
    activesupport (5.0.0.1)
      concurrent-ruby (~> 1.0, >= 1.0.2)
      i18n (~> 0.7)
      minitest (~> 5.1)
      tzinfo (~> 1.1)
    addressable (2.5.0)
      public_suffix (~> 2.0, >= 2.0.2)
    charlock_holmes (0.7.3)
    coderay (1.1.2)
    concurrent-ruby (1.0.2)
    crass (1.0.2)
    escape_utils (1.1.1)
    gemoji (3.0.0)
    github-linguist (4.8.17)
      charlock_holmes (~> 0.7.3)
      escape_utils (~> 1.1.0)
      mime-types (>= 1.19)
      rugged (>= 0.23.0b)
    greenmat (3.2.2.1)
    html-pipeline (2.4.2)
      activesupport (>= 2)
      nokogiri (>= 1.4)
    i18n (0.7.0)
    json (2.2.0)
    mem (0.1.5)
    method_source (0.9.2)
    mime-types (3.1)
      mime-types-data (~> 3.2015)
    mime-types-data (3.2016.0521)
    mini_portile2 (2.4.0)
    minitest (5.9.1)
    nokogiri (1.10.5)
      mini_portile2 (~> 2.4.0)
    nokogumbo (1.4.10)
      nokogiri
    posix-spawn (0.3.12)
    pry (0.12.2)
      coderay (~> 1.1.0)
      method_source (~> 0.9.0)
    public_suffix (2.0.4)
    pygments.rb (0.6.3)
      posix-spawn (~> 0.3.6)
      yajl-ruby (~> 1.2.0)
    qiita-markdown (0.16.1)
      addressable
      gemoji
      github-linguist (~> 4.0)
      greenmat (>= 3.2.0.2, < 4)
      html-pipeline (~> 2.0)
      mem
      pygments.rb
      sanitize
    rack (1.6.11)
    rack-protection (1.5.5)
      rack
    rugged (0.25.0b10)
    sanitize (4.4.0)
      crass (~> 1.0.2)
      nokogiri (>= 1.4.4)
      nokogumbo (~> 1.4.1)
    sinatra (1.4.7)
      rack (~> 1.5)
      rack-protection (~> 1.4)
      tilt (>= 1.3, < 3)
    slop (4.7.0)
    somemoji (0.7.1)
      gemoji (= 3.0.0)
      json
      slop
    thread_safe (0.3.5)
    tilt (2.0.5)
    tzinfo (1.2.2)
      thread_safe (~> 0.1)
    yajl-ruby (1.2.1)

PLATFORMS
  ruby

DEPENDENCIES
  pry
  qiita-markdown
  sinatra
  somemoji

BUNDLED WITH
   1.13.6
